GIT
  remote: git://github.com/aeden/dns-zonefile.git
  revision: 038427c1ee7b27cb5af42d6956c87b739bdbfd63
  specs:
    dns-zonefile (0.5.0)

GIT
  remote: git://github.com/aetrion/dnsimple-ruby.git
  revision: d902e05f38c0b9c5a089d8f147cf65b9d33b7d54
  specs:
    dnsimple-ruby (0.9.1)
      httparty
      httparty

GEM
  remote: http://rubygems.org/
  specs:
    crack (0.1.8)
    httparty (0.7.8)
      crack (= 0.1.8)
    polyglot (0.3.2)
    treetop (1.4.10)
      polyglot
      polyglot (>= 0.3.1)

PLATFORMS
  ruby

DEPENDENCIES
  dns-zonefile!
  dnsimple-ruby!
  polyglot
  treetop
