GIT
  remote: git://github.com/aeden/dns-zonefile.git
  revision: 3360916c7796b0a42afcb4862eac064bcfa32f9c
  specs:
    dns-zonefile (0.5.0)

GIT
  remote: git://github.com/aetrion/dnsimple-ruby.git
  revision: 1211626d0dfd92f6549da4870286458f2ce6a9c9
  specs:
    dnsimple-ruby (0.9.1)
      httparty
      httparty

GEM
  remote: http://rubygems.org/
  specs:
    crack (0.1.8)
    httparty (0.7.4)
      crack (= 0.1.8)
    polyglot (0.3.1)
    treetop (1.4.9)
      polyglot (>= 0.3.1)

PLATFORMS
  ruby

DEPENDENCIES
  dns-zonefile!
  dnsimple-ruby!
  polyglot
  treetop
