GEM
  remote: https://rubygems.org/
  specs:
    diff-lcs (1.2.5)
    dns-zonefile (1.0.4)
      polyglot
      treetop
    dnsimple-ruby (1.5.3)
      httparty (~> 0.12)
    httparty (0.13.1)
      json (~> 1.8)
      multi_xml (>= 0.5.2)
    json (1.8.1)
    multi_xml (0.5.5)
    polyglot (0.3.3)
    public_suffix (1.4.0)
    rspec (2.14.1)
      rspec-core (~> 2.14.0)
      rspec-expectations (~> 2.14.0)
      rspec-mocks (~> 2.14.0)
    rspec-core (2.14.7)
    rspec-expectations (2.14.5)
      diff-lcs (>= 1.1.3, < 2.0)
    rspec-mocks (2.14.5)
    treetop (1.4.15)
      polyglot
      polyglot (>= 0.3.1)

PLATFORMS
  ruby

DEPENDENCIES
  dns-zonefile
  dnsimple-ruby
  polyglot
  public_suffix
  rspec
  treetop
