GIT
  remote: git://github.com/aeden/dns-zonefile.git
  revision: 038427c1ee7b27cb5af42d6956c87b739bdbfd63
  specs:
    dns-zonefile (0.5.0)

GEM
  remote: http://rubygems.org/
  specs:
    crack (0.1.8)
    diff-lcs (1.1.2)
    dnsimple-ruby (0.9.9)
      httparty
      httparty
    httparty (0.7.8)
      crack (= 0.1.8)
    polyglot (0.3.2)
    rspec (2.6.0)
      rspec-core (~> 2.6.0)
      rspec-expectations (~> 2.6.0)
      rspec-mocks (~> 2.6.0)
    rspec-core (2.6.4)
    rspec-expectations (2.6.0)
      diff-lcs (~> 1.1.2)
    rspec-mocks (2.6.0)
    treetop (1.4.10)
      polyglot
      polyglot (>= 0.3.1)

PLATFORMS
  ruby

DEPENDENCIES
  dns-zonefile!
  dnsimple-ruby
  polyglot
  rspec
  treetop
